GEM
  remote: http://rubygems.org/
  specs:
    bunny (0.7.6)
    haml (3.1.3)
    rack (1.3.3)
    sass (3.1.7)
    sinatra (1.2.6)
      rack (~> 1.1)
      tilt (< 2.0, >= 1.2.2)
    tilt (1.3.3)

PLATFORMS
  ruby

DEPENDENCIES
  bunny
  haml
  sass
  sinatra
